GEM
  remote: https://rubygems.org/
  specs:
    mail (2.7.1)
      mini_mime (>= 0.1.1)
    mini_mime (1.0.2)
    sqlite3 (1.4.2)
    thor (1.0.1)

PLATFORMS
  ruby

DEPENDENCIES
  mail
  sqlite3 (~> 1.4)
  thor

BUNDLED WITH
   2.0.2
